GEM
  remote: https://rubygems.org/
  specs:
    diff-lcs (1.2.4)
    facter (1.7.1)
    hiera (1.2.1)
      json_pure
    json_pure (1.8.0)
    metaclass (0.0.1)
    mime-types (1.23)
    mini_portile (0.5.0)
    mocha (0.14.0)
      metaclass (~> 0.0.1)
    nokogiri (1.6.0)
      mini_portile (~> 0.5.0)
    puppet (3.2.2)
      facter (~> 1.6)
      hiera (~> 1.0)
      rgen (~> 0.6)
    puppet-blacksmith (1.0.5)
      nokogiri
      puppet (>= 2.7.16)
      puppetlabs_spec_helper (>= 0.3.0)
      rake
      rest-client
    puppet-lint (0.3.2)
    puppetlabs_spec_helper (0.4.1)
      mocha (>= 0.10.5)
      rake
      rspec (>= 2.9.0)
      rspec-puppet (>= 0.1.1)
    rake (12.3.3)
    rest-client (1.6.7)
      mime-types (>= 1.16)
    rgen (0.6.5)
    rspec (2.13.0)
      rspec-core (~> 2.13.0)
      rspec-expectations (~> 2.13.0)
      rspec-mocks (~> 2.13.0)
    rspec-core (2.13.1)
    rspec-expectations (2.13.0)
      diff-lcs (>= 1.1.3, < 2.0)
    rspec-mocks (2.13.1)
    rspec-puppet (0.1.6)
      rspec

PLATFORMS
  ruby

DEPENDENCIES
  puppet (>= 3.0.1)
  puppet-blacksmith (>= 1.0.1)
  puppet-lint (>= 0.1.12)
  puppetlabs_spec_helper
  rake (>= 0.9.2.2)
  rspec-puppet (>= 0.1.3)
